GEM
  remote: https://rubygems.org/
  specs:
    diff-lcs (1.6.0)
    io-console (0.8.0)
    readline (0.0.4)
      reline
    reline (0.6.0)
      io-console (~> 0.5)
    rspec (3.13.0)
      rspec-core (~> 3.13.0)
      rspec-expectations (~> 3.13.0)
      rspec-mocks (~> 3.13.0)
    rspec-core (3.13.3)
      rspec-support (~> 3.13.0)
    rspec-expectations (3.13.3)
      diff-lcs (>= 1.2.0, < 2.0)
      rspec-support (~> 3.13.0)
    rspec-mocks (3.13.2)
      diff-lcs (>= 1.2.0, < 2.0)
      rspec-support (~> 3.13.0)
    rspec-support (3.13.2)
    stringio (3.1.5)

PLATFORMS
  ruby
  x86_64-linux

DEPENDENCIES
  readline
  rspec
  stringio

RUBY VERSION
   ruby 3.3.6p108

BUNDLED WITH
   2.6.3
